GEM
  remote: https://rubygems.org/
  specs:
    activesupport (4.0.1)
      i18n (~> 0.6, >= 0.6.4)
      minitest (~> 4.2)
      multi_json (~> 1.3)
      thread_safe (~> 0.1)
      tzinfo (~> 0.3.37)
    atomic (1.1.14)
    dotenv (0.9.0)
    ethon (0.6.1)
      ffi (>= 1.3.0)
      mime-types (~> 1.18)
    faraday (0.8.8)
      multipart-post (~> 1.2.0)
    faraday_middleware (0.9.0)
      faraday (>= 0.7.4, < 0.9)
    ffi (1.9.3)
    geoip2 (0.0.2)
      activesupport
      faraday
      faraday_middleware
      rash
      typhoeus
    hashie (2.0.5)
    i18n (0.6.5)
    mime-types (1.25)
    minitest (4.7.5)
    multi_json (1.8.2)
    multipart-post (1.2.0)
    pg (0.17.0)
    rash (0.4.0)
      hashie (~> 2.0.0)
    ruby-progressbar (1.2.0)
    sequel (4.4.0)
    thread_safe (0.1.3)
      atomic
    typhoeus (0.6.6)
      ethon (~> 0.6.1)
    tzinfo (0.3.38)

PLATFORMS
  ruby

DEPENDENCIES
  dotenv
  geoip2
  pg
  ruby-progressbar
  sequel
